GEM
  remote: http://rubygems.org/
  remote: http://gemcutter.org/
  specs:
    RedCloth (4.2.2)
    actionmailer (2.3.11)
      actionpack (= 2.3.11)
    actionpack (2.3.11)
      activesupport (= 2.3.11)
      rack (~> 1.1.0)
    active-fedora (2.3.3)
      activeresource
      equivalent-xml
      facets
      mediashelf-loggable
      mime-types (>= 1.16)
      multipart-post
      nokogiri
      om (>= 1.0)
      solr-ruby (>= 0.0.6)
      solrizer (> 1.0.0)
      xml-simple (>= 1.0.12)
    activerecord (2.3.11)
      activesupport (= 2.3.11)
    activeresource (2.3.11)
      activesupport (= 2.3.11)
    activesupport (2.3.11)
    authlogic (2.1.6)
      activesupport
    block_helpers (0.3.3)
      activesupport (>= 2.0)
    builder (3.0.0)
    capistrano (2.9.0)
      highline
      net-scp (>= 1.0.0)
      net-sftp (>= 2.0.0)
      net-ssh (>= 2.0.14)
      net-ssh-gateway (>= 1.1.0)
    columnize (0.3.6)
    crack (0.3.1)
    cucumber (1.1.4)
      builder (>= 2.1.2)
      diff-lcs (>= 1.1.2)
      gherkin (~> 2.7.1)
      json (>= 1.4.6)
      term-ansicolor (>= 1.0.6)
    cucumber-rails (0.3.2)
      cucumber (>= 0.8.0)
    curb (0.8.0)
    daemons (1.1.8)
    database_cleaner (0.7.1)
    diff-lcs (1.1.3)
    equivalent-xml (0.2.9)
      nokogiri (>= 1.4.3)
    facets (2.8.4)
    fastercsv (1.5.4)
    gherkin (2.7.7)
      json (>= 1.4.6)
    haml (3.1.4)
    highline (1.6.11)
    httparty (0.8.1)
      multi_json
      multi_xml
    json (1.6.5)
    json_pure (1.6.5)
    linecache (0.46)
      rbx-require-relative (> 0.0.4)
    marc (0.4.3)
    mediashelf-loggable (0.4.9)
    metaclass (0.0.1)
    mime-types (1.17.2)
    mocha (0.10.4)
      metaclass (~> 0.0.1)
    multi_json (1.0.4)
    multi_xml (0.4.1)
    multipart-post (1.1.5)
    net-scp (1.0.4)
      net-ssh (>= 1.99.1)
    net-sftp (2.0.5)
      net-ssh (>= 2.0.9)
    net-ssh (2.3.0)
    net-ssh-gateway (1.1.0)
      net-ssh (>= 1.99.1)
    nokogiri (1.4.3.1)
    om (1.5.2)
      mediashelf-loggable
      nokogiri (>= 1.4.2)
    pg (0.13.1)
    rack (1.1.3)
    rack-test (0.6.1)
      rack (>= 1.0)
    rails (2.3.11)
      actionmailer (= 2.3.11)
      actionpack (= 2.3.11)
      activerecord (= 2.3.11)
      activeresource (= 2.3.11)
      activesupport (= 2.3.11)
      rake (>= 0.8.3)
    rake (0.9.2.2)
    rbx-require-relative (0.0.5)
    rcov (1.0.0)
    rsolr (0.12.1)
      builder (>= 2.1.2)
    rsolr-ext (0.12.1)
      rsolr (>= 0.12.1)
    rspec (1.3.2)
    rspec-rails (1.3.4)
      rack (>= 1.0.0)
      rspec (~> 1.3.1)
    ruby-debug (0.10.4)
      columnize (>= 0.1)
      ruby-debug-base (~> 0.10.4.0)
    ruby-debug-base (0.10.4)
      linecache (>= 0.3)
    ruby-debug-ide (0.4.16)
      rake (>= 0.8.1)
    ruby-net-ldap (0.0.4)
    solr-ruby (0.0.8)
    solrizer (1.2.0)
      daemons
      mediashelf-loggable (~> 0.4.7)
      nokogiri
      om (>= 1.5.0)
      stomp
      xml-simple
    solrizer-fedora (1.1.3)
      active-fedora (>= 2.3.0)
      fastercsv
      rsolr
      solr-ruby (>= 0.0.6)
      solrizer (>= 1.0.0)
    sqlite3-ruby (1.2.5)
    stomp (1.2.0)
    term-ansicolor (1.0.7)
    trollop (1.16.2)
    webrat (0.7.3)
      nokogiri (>= 1.2.0)
      rack (>= 1.0)
      rack-test (>= 0.5.3)
    will_paginate (3.0.3)
    xml-simple (1.1.1)
    yard (0.7.5)

PLATFORMS
  ruby

DEPENDENCIES
  RedCloth (= 4.2.2)
  active-fedora (= 2.3.3)
  authlogic (>= 0.1.0)
  block_helpers
  builder
  capistrano
  columnize
  crack
  cucumber (>= 0.8.5)
  cucumber-rails
  curb
  database_cleaner
  diff-lcs
  facets (= 2.8.4)
  gherkin
  haml
  httparty
  json_pure (> 1.4.3)
  linecache
  marc
  mime-types
  mocha
  multipart-post
  nokogiri (= 1.4.3.1)
  om (>= 1.0.1)
  pg
  rack
  rack-test
  rails (= 2.3.11)
  rake
  rcov
  rsolr (= 0.12.1)
  rsolr-ext (= 0.12.1)
  rspec (< 2.0.0)
  rspec-rails (< 2.0.0)
  ruby-debug
  ruby-debug-base
  ruby-debug-ide
  ruby-net-ldap
  solr-ruby
  solrizer (>= 1.0.1)
  solrizer-fedora (>= 1.0.1)
  sqlite3-ruby (= 1.2.5)
  term-ansicolor
  trollop
  webrat
  will_paginate
  xml-simple
  yard
